GEM
  remote: https://rubygems.org/
  specs:
    slop (4.2.0)

PLATFORMS
  ruby

DEPENDENCIES
  slop
